PATH
  remote: .
  specs:
    software_smithy (1.6.2)
      activesupport (= 3.2.14)
      gli (= 2.7.0)
      kramdown (>= 1.1.0)
      open4
      rainbow
      terminal-table (>= 1.4.5)

GEM
  remote: https://rubygems.org/
  specs:
    activesupport (3.2.14)
      i18n (~> 0.6, >= 0.6.4)
      multi_json (~> 1.0)
    aruba (0.5.1)
      childprocess (~> 0.3.6)
      cucumber (>= 1.1.1)
      rspec-expectations (>= 2.7.0)
    awesome_print (1.1.0)
    builder (3.1.4)
    childprocess (0.3.8)
      ffi (~> 1.0, >= 1.0.11)
    columnize (0.3.6)
    cucumber (1.2.1)
      builder (>= 2.1.2)
      diff-lcs (>= 1.1.3)
      gherkin (~> 2.11.0)
      json (>= 1.4.6)
    debugger (1.3.1)
      columnize (>= 0.3.1)
      debugger-linecache (~> 1.1.1)
      debugger-ruby_core_source (~> 1.1.8)
    debugger-linecache (1.1.2)
      debugger-ruby_core_source (>= 1.1.1)
    debugger-ruby_core_source (1.1.8)
    diff-lcs (1.1.3)
    ffi (1.4.0)
    fuubar (1.1.0)
      rspec (~> 2.0)
      rspec-instafail (~> 0.2.0)
      ruby-progressbar (~> 1.0.0)
    gherkin (2.11.6)
      json (>= 1.7.6)
    gli (2.7.0)
    hpricot (0.8.6)
    i18n (0.6.5)
    interactive_editor (0.0.10)
      spoon (>= 0.0.1)
    json (1.7.7)
    kramdown (1.1.0)
    multi_json (1.7.9)
    mustache (0.99.4)
    open4 (1.3.0)
    rainbow (1.1.4)
    rake (10.0.3)
    rdiscount (2.0.7)
    rdoc (3.12.1)
      json (~> 1.4)
    ronn (0.7.3)
      hpricot (>= 0.8.2)
      mustache (>= 0.7.0)
      rdiscount (>= 1.5.8)
    rspec (2.12.0)
      rspec-core (~> 2.12.0)
      rspec-expectations (~> 2.12.0)
      rspec-mocks (~> 2.12.0)
    rspec-core (2.12.2)
    rspec-expectations (2.12.1)
      diff-lcs (~> 1.1.3)
    rspec-instafail (0.2.4)
    rspec-mocks (2.12.2)
    ruby-progressbar (1.0.2)
    spoon (0.0.3)
      ffi
    terminal-table (1.4.5)

PLATFORMS
  ruby

DEPENDENCIES
  aruba
  awesome_print
  cucumber
  debugger
  fuubar
  interactive_editor
  rake
  rdoc
  ronn
  rspec
  software_smithy!
