PATH
  remote: .
  specs:
    software_smithy (0.0.1)
      gli

GEM
  remote: http://rubygems.org/
  specs:
    gli (1.4.0)
    json (1.6.5)
    rake (0.9.2.2)
    rdoc (3.12)
      json (~> 1.4)

PLATFORMS
  ruby

DEPENDENCIES
  rake
  rdoc
  software_smithy!
